GEM
  remote: https://rubygems.org/
  specs:
    base64 (0.2.0)
    regexp_parser (2.9.0)
    rexml (3.2.6)
    rubyzip (2.3.2)
    selenium-webdriver (4.17.0)
      base64 (~> 0.2)
      rexml (~> 3.2, >= 3.2.5)
      rubyzip (>= 1.2.2, < 3.0)
      websocket (~> 1.0)
    watir (7.3.0)
      regexp_parser (>= 1.2, < 3)
      selenium-webdriver (~> 4.2)
    websocket (1.2.10)

PLATFORMS
  x86_64-linux

DEPENDENCIES
  watir (~> 7.3)

BUNDLED WITH
   2.4.6
